GEM
  remote: https://rubygems.org/
  specs:
    sass (3.4.21)

PLATFORMS
  ruby
  x86-mingw32

DEPENDENCIES
  sass

BUNDLED WITH
   1.11.2
